PATH
  remote: .
  specs:
    elzar (0.1.2)
      fog (~> 1.5.0)
      gli (~> 2.0.0)
      multi_json (~> 1.3.0)
      slushy (~> 0.1.2)

GEM
  remote: http://rubygems.org/
  specs:
    builder (3.1.3)
    diff-lcs (1.1.3)
    excon (0.16.2)
    fog (1.5.0)
      builder
      excon (~> 0.14)
      formatador (~> 0.2.0)
      mime-types
      multi_json (~> 1.0)
      net-scp (~> 1.0.4)
      net-ssh (>= 2.1.3)
      nokogiri (~> 1.5.0)
      ruby-hmac
    formatador (0.2.3)
    gli (2.0.0)
    mime-types (1.19)
    multi_json (1.3.6)
    net-scp (1.0.4)
      net-ssh (>= 1.99.1)
    net-ssh (2.5.2)
    nokogiri (1.5.5)
    rake (0.9.2.2)
    rspec (2.11.0)
      rspec-core (~> 2.11.0)
      rspec-expectations (~> 2.11.0)
      rspec-mocks (~> 2.11.0)
    rspec-core (2.11.1)
    rspec-expectations (2.11.3)
      diff-lcs (~> 1.1.3)
    rspec-mocks (2.11.2)
    ruby-hmac (0.4.0)
    slushy (0.1.2)

PLATFORMS
  ruby

DEPENDENCIES
  bundler
  elzar!
  rake (~> 0.9.2.2)
  rspec
