PATH
  remote: .
  specs:
    elzar (0.1.2)
      gli (~> 2.0.0)
      multi_json (~> 1.3.0)

GEM
  remote: http://rubygems.org/
  specs:
    diff-lcs (1.1.3)
    gli (2.0.0)
    multi_json (1.3.6)
    rake (0.9.2.2)
    rspec (2.11.0)
      rspec-core (~> 2.11.0)
      rspec-expectations (~> 2.11.0)
      rspec-mocks (~> 2.11.0)
    rspec-core (2.11.1)
    rspec-expectations (2.11.3)
      diff-lcs (~> 1.1.3)
    rspec-mocks (2.11.2)

PLATFORMS
  ruby

DEPENDENCIES
  bundler
  elzar!
  rake (~> 0.9.2.2)
  rspec
